GEM
  remote: https://rubygems.org/
  specs:
    bourbon (3.1.8)
      sass (>= 3.2.0)
      thor
    chunky_png (1.2.8)
    classifier (1.3.3)
      fast-stemmer (>= 1.0.0)
    coffee-script (2.2.0)
      coffee-script-source
      execjs
    coffee-script-source (1.6.3)
    colorator (0.1)
    commander (4.1.5)
      highline (~> 1.6.11)
    compass (0.12.2)
      chunky_png (~> 1.2)
      fssm (>= 0.2.7)
      sass (~> 3.1)
    directory_watcher (1.4.1)
    execjs (1.4.0)
      multi_json (~> 1.0)
    fast-stemmer (1.0.2)
    fssm (0.2.10)
    haml (4.0.3)
      tilt
    highline (1.6.19)
    hike (1.2.3)
    jekyll (1.1.2)
      classifier (~> 1.3)
      colorator (~> 0.1)
      commander (~> 4.1.3)
      directory_watcher (~> 1.4.1)
      kramdown (~> 1.0.2)
      liquid (~> 2.5.1)
      maruku (~> 0.5)
      pygments.rb (~> 0.5.0)
      redcarpet (~> 2.2.2)
      safe_yaml (~> 0.7.0)
    jekyll-assets (0.7.1)
      jekyll (~> 1.0)
      sprockets (~> 2.10)
    kramdown (1.0.2)
    liquid (2.5.1)
    maruku (0.6.1)
      syntax (>= 1.0.0)
    multi_json (1.7.9)
    posix-spawn (0.3.6)
    pygments.rb (0.5.2)
      posix-spawn (~> 0.3.6)
      yajl-ruby (~> 1.1.0)
    rack (1.5.2)
    rack-protection (1.5.0)
      rack
    rake (10.1.0)
    rb-fsevent (0.9.3)
    redcarpet (2.2.2)
    rubypants (0.2.0)
    safe_yaml (0.7.1)
    sass (3.2.10)
    sinatra (1.4.3)
      rack (~> 1.4)
      rack-protection (~> 1.4)
      tilt (~> 1.3, >= 1.3.4)
    sprockets (2.10.0)
      hike (~> 1.2)
      multi_json (~> 1.0)
      rack (~> 1.0)
      tilt (~> 1.1, != 1.3.0)
    stringex (2.0.8)
    syntax (1.0.0)
    thor (0.18.1)
    tilt (1.4.1)
    uglifier (2.1.2)
      execjs (>= 0.3.0)
      multi_json (~> 1.0, >= 1.0.2)
    yajl-ruby (1.1.0)

PLATFORMS
  ruby

DEPENDENCIES
  bourbon
  coffee-script
  compass
  haml
  jekyll (~> 1.1.2)
  jekyll-assets (~> 0.7.1)
  kramdown
  liquid
  pygments.rb
  rake
  rb-fsevent
  rubypants
  sass
  sinatra
  stringex
  uglifier
